PATH
  remote: .
  specs:
    settlers (0.3.1)
      dnssd (~> 1.3.1)
      highline (~> 1.5.2)
      optparse-defaults (~> 0.1.0)

GEM
  remote: http://rubygems.org/
  specs:
    configuration (1.1.0)
    dnssd (1.3.1)
    highline (1.5.2)
    launchy (0.3.5)
      configuration (>= 0.0.5)
      rake (>= 0.8.1)
    optparse-defaults (0.1.0)
    rake (0.8.7)
    shoe (0.6.2)
      launchy
      rake

PLATFORMS
  ruby

DEPENDENCIES
  settlers!
  shoe (~> 0.6.2)
