PATH
  remote: .
  specs:
    settlers (0.3.2)
      dnssd (~> 1.3.1)
      highline (~> 1.5.2)
      optparse-defaults (~> 0.1.0)

GEM
  remote: http://rubygems.org/
  specs:
    dnssd (1.3.4)
    highline (1.5.2)
    optparse-defaults (0.1.0)
    rake (0.8.7)
    shoe (0.7.1)
      rake (~> 0.8.7)

PLATFORMS
  ruby

DEPENDENCIES
  settlers!
  shoe (~> 0.7.1)
